GEM
  remote: https://rubygems.org/
  specs:
    concurrent-ruby (1.2.2)
    macaddr (1.7.2)
      systemu (~> 2.6.5)
    minitest (5.20.0)
    mustermann (3.0.0)
      ruby2_keywords (~> 0.0.1)
    nio4r (2.5.9)
    puma (6.3.1)
      nio4r (~> 2.0)
    rack (2.2.8)
    rack-protection (3.1.0)
      rack (~> 2.2, >= 2.2.4)
    rack-test (2.1.0)
      rack (>= 1.3)
    ruby2_keywords (0.0.5)
    sinatra (3.1.0)
      mustermann (~> 3.0)
      rack (~> 2.2, >= 2.2.4)
      rack-protection (= 3.1.0)
      tilt (~> 2.0)
    systemu (2.6.5)
    tilt (2.3.0)
    uuid (2.3.9)
      macaddr (~> 1.0)

PLATFORMS
  arm64-darwin-22

DEPENDENCIES
  concurrent-ruby
  minitest
  puma
  rack-test
  sinatra
  uuid

RUBY VERSION
   ruby 3.2.2p53

BUNDLED WITH
   2.4.17
